GIT
  remote: git@github.com:tcollier/roshambo.git
  revision: e2c0d93752191b9d872115766c697241deff8246
  specs:
    roshambo (0.0.2)

GEM
  remote: https://rubygems.org/
  specs:
    git (1.2.5)
    jeweler (1.8.4)
      bundler (~> 1.0)
      git (>= 1.2.5)
      rake
      rdoc
    json (1.8.0)
    multi_json (1.7.7)
    rake (10.0.4)
    rdoc (4.0.0)
      json (~> 1.4)
    simplecov (0.7.1)
      multi_json (~> 1.0)
      simplecov-html (~> 0.7.1)
    simplecov-html (0.7.1)

PLATFORMS
  ruby

DEPENDENCIES
  jeweler
  rdoc
  roshambo!
  simplecov
